GIT
  remote: https://github.com/rspec/rspec-core.git
  revision: 5875d9f440378f78e0c4b0c20b326730ab2ce924
  branch: master
  specs:
    rspec-core (3.6.0.pre)
      rspec-support (= 3.6.0.pre)

GIT
  remote: https://github.com/rspec/rspec-expectations.git
  revision: 8343affb9b290d494a0793e894a83f77e28eff5c
  branch: master
  specs:
    rspec-expectations (3.6.0.pre)
      diff-lcs (>= 1.2.0, < 2.0)
      rspec-support (= 3.6.0.pre)

GIT
  remote: https://github.com/rspec/rspec-mocks.git
  revision: 0c87b91d32f4f827d2c1953935adcfd5468263a5
  branch: master
  specs:
    rspec-mocks (3.6.0.pre)
      diff-lcs (>= 1.2.0, < 2.0)
      rspec-support (= 3.6.0.pre)

GIT
  remote: https://github.com/rspec/rspec-rails.git
  revision: 2175c72f42ebd40c946ccc45fe3a2ad0caa8df6f
  branch: master
  specs:
    rspec-rails (3.6.0.pre)
      actionpack (>= 3.0)
      activesupport (>= 3.0)
      railties (>= 3.0)
      rspec-core (= 3.6.0.pre)
      rspec-expectations (= 3.6.0.pre)
      rspec-mocks (= 3.6.0.pre)
      rspec-support (= 3.6.0.pre)

GIT
  remote: https://github.com/rspec/rspec-support.git
  revision: 357ca45a15819b1b452e50f57f5df197710f7182
  branch: master
  specs:
    rspec-support (3.6.0.pre)

GEM
  remote: https://rubygems.org/
  specs:
    actioncable (5.0.0.1)
      actionpack (= 5.0.0.1)
      nio4r (~> 1.2)
      websocket-driver (~> 0.6.1)
    actionmailer (5.0.0.1)
      actionpack (= 5.0.0.1)
      actionview (= 5.0.0.1)
      activejob (= 5.0.0.1)
      mail (~> 2.5, >= 2.5.4)
      rails-dom-testing (~> 2.0)
    actionpack (5.0.0.1)
      actionview (= 5.0.0.1)
      activesupport (= 5.0.0.1)
      rack (~> 2.0)
      rack-test (~> 0.6.3)
      rails-dom-testing (~> 2.0)
      rails-html-sanitizer (~> 1.0, >= 1.0.2)
    actionview (5.0.0.1)
      activesupport (= 5.0.0.1)
      builder (~> 3.1)
      erubis (~> 2.7.0)
      rails-dom-testing (~> 2.0)
      rails-html-sanitizer (~> 1.0, >= 1.0.2)
    active_model_serializers (0.10.2)
      actionpack (>= 4.1, < 6)
      activemodel (>= 4.1, < 6)
      jsonapi (~> 0.1.1.beta2)
      railties (>= 4.1, < 6)
    activejob (5.0.0.1)
      activesupport (= 5.0.0.1)
      globalid (>= 0.3.6)
    activemodel (5.0.0.1)
      activesupport (= 5.0.0.1)
    activerecord (5.0.0.1)
      activemodel (= 5.0.0.1)
      activesupport (= 5.0.0.1)
      arel (~> 7.0)
    activesupport (5.0.0.1)
      concurrent-ruby (~> 1.0, >= 1.0.2)
      i18n (~> 0.7)
      minitest (~> 5.1)
      tzinfo (~> 1.1)
    arel (7.1.2)
    builder (3.2.2)
    byebug (9.0.5)
    concurrent-ruby (1.0.2)
    database_cleaner (1.5.3)
    diff-lcs (1.2.5)
    docile (1.1.5)
    erubis (2.7.0)
    factory_girl (4.7.0)
      activesupport (>= 3.0.0)
    factory_girl_rails (4.7.0)
      factory_girl (~> 4.7.0)
      railties (>= 3.0.0)
    faker (1.6.6)
      i18n (~> 0.5)
    faraday (0.9.2)
      multipart-post (>= 1.2, < 3)
    faraday_middleware (0.9.2)
      faraday (>= 0.7.4, < 0.10)
    ffi (1.9.14)
    figaro (1.1.1)
      thor (~> 0.14)
    foreman (0.82.0)
      thor (~> 0.19.1)
    globalid (0.3.7)
      activesupport (>= 4.1.0)
    hashie (3.4.4)
    i18n (0.7.0)
    instagram (1.1.6)
      faraday (>= 0.7, < 0.10)
      faraday_middleware (>= 0.8, < 0.10)
      hashie (>= 0.4.0)
      multi_json (~> 1.0, >= 1.0.3)
    json (1.8.3)
    jsonapi (0.1.1.beta2)
      json (~> 1.8)
    listen (3.0.8)
      rb-fsevent (~> 0.9, >= 0.9.4)
      rb-inotify (~> 0.9, >= 0.9.7)
    loofah (2.0.3)
      nokogiri (>= 1.5.9)
    mail (2.6.4)
      mime-types (>= 1.16, < 4)
    method_source (0.8.2)
    mime-types (3.1)
      mime-types-data (~> 3.2015)
    mime-types-data (3.2016.0521)
    mini_portile2 (2.1.0)
    minitest (5.9.1)
    multi_json (1.12.1)
    multipart-post (2.0.0)
    nio4r (1.2.1)
    nokogiri (1.6.8)
      mini_portile2 (~> 2.1.0)
      pkg-config (~> 1.1.7)
    pg (0.19.0)
    pkg-config (1.1.7)
    puma (3.6.0)
    rack (2.0.1)
    rack-test (0.6.3)
      rack (>= 1.0)
    rails (5.0.0.1)
      actioncable (= 5.0.0.1)
      actionmailer (= 5.0.0.1)
      actionpack (= 5.0.0.1)
      actionview (= 5.0.0.1)
      activejob (= 5.0.0.1)
      activemodel (= 5.0.0.1)
      activerecord (= 5.0.0.1)
      activesupport (= 5.0.0.1)
      bundler (>= 1.3.0, < 2.0)
      railties (= 5.0.0.1)
      sprockets-rails (>= 2.0.0)
    rails-dom-testing (2.0.1)
      activesupport (>= 4.2.0, < 6.0)
      nokogiri (~> 1.6.0)
    rails-html-sanitizer (1.0.3)
      loofah (~> 2.0)
    railties (5.0.0.1)
      actionpack (= 5.0.0.1)
      activesupport (= 5.0.0.1)
      method_source
      rake (>= 0.8.7)
      thor (>= 0.18.1, < 2.0)
    rake (11.3.0)
    rb-fsevent (0.9.7)
    rb-inotify (0.9.7)
      ffi (>= 0.5.0)
    responders (2.3.0)
      railties (>= 4.2.0, < 5.1)
    shoulda-matchers (3.1.1)
      activesupport (>= 4.0.0)
    simple_oauth (0.3.1)
    simplecov (0.12.0)
      docile (~> 1.1.0)
      json (>= 1.8, < 3)
      simplecov-html (~> 0.10.0)
    simplecov-html (0.10.0)
    spring (2.0.0)
      activesupport (>= 4.2)
    sprockets (3.7.0)
      concurrent-ruby (~> 1.0)
      rack (> 1, < 3)
    sprockets-rails (3.2.0)
      actionpack (>= 4.0)
      activesupport (>= 4.0)
      sprockets (>= 3.0.0)
    thor (0.19.1)
    thread_safe (0.3.5)
    tzinfo (1.2.2)
      thread_safe (~> 0.1)
    websocket-driver (0.6.4)
      websocket-extensions (>= 0.1.0)
    websocket-extensions (0.1.2)
    yelp (2.1.3)
      faraday (~> 0.8, >= 0.8.0)
      faraday_middleware (~> 0.8, >= 0.8.0)
      simple_oauth (~> 0.3.1)

PLATFORMS
  ruby

DEPENDENCIES
  active_model_serializers (~> 0.10.0)
  byebug
  database_cleaner (~> 1.5.3)
  factory_girl_rails (~> 4.7.0)
  faker (~> 1.6.6)
  figaro (~> 1.1.1)
  foreman (~> 0.82.0)
  instagram (~> 1.1.6)
  listen
  pg (~> 0.18)
  puma (~> 3.0)
  rails (~> 5.0.0, >= 5.0.0.1)
  responders (~> 2.3.0)
  rspec-core!
  rspec-expectations!
  rspec-mocks!
  rspec-rails!
  rspec-support!
  shoulda-matchers (~> 3.1)
  simplecov (~> 0.12.0)
  spring (~> 2.0.0)
  tzinfo-data
  yelp (~> 2.1.3)

BUNDLED WITH
   1.13.1
